GEM
  remote: http://rubygems.org/
  specs:
    maruku (0.6.0)
      syntax (>= 1.0.0)
    rack (1.3.0)
    sinatra (0.9.4)
      rack (>= 0.9.1)
    sqlite3 (1.3.3)
    syntax (1.0.0)

PLATFORMS
  ruby

DEPENDENCIES
  maruku
  sinatra (= 0.9.4)
  sqlite3
  syntax
