GEM
  remote: http://rubygems.org/
  specs:
    rack (1.3.0)
    sinatra (0.9.4)
      rack (>= 0.9.1)
    sqlite3 (1.3.3)

PLATFORMS
  ruby

DEPENDENCIES
  sinatra (= 0.9.4)
  sqlite3
