GEM
  specs:
    rack (1.3.0)
    sinatra (0.9.4)
      rack (>= 0.9.1)

PLATFORMS
  ruby

DEPENDENCIES
  sinatra (= 0.9.4)
